GEM
  remote: http://rubygems.org/
  specs:
    daemons (1.1.8)
    em-synchrony (1.0.0)
      eventmachine (>= 1.0.0.beta.1)
    eventmachine (1.0.0.beta.4)
    mysql2 (0.3.11)
    rack (1.4.1)
    rack-fiber_pool (0.9.2)
    thin (1.3.1)
      daemons (>= 1.0.9)
      eventmachine (>= 0.12.6)
      rack (>= 1.0.0)

PLATFORMS
  ruby

DEPENDENCIES
  em-synchrony (~> 1.0.0)
  eventmachine (>= 1.0.0.beta.1)
  mysql2 (~> 0.3.11)
  rack (~> 1.4.1)
  rack-fiber_pool
  thin (~> 1.3.1)
